GEM
  remote: https://rubygems.org/
  specs:
    connection_pool (2.2.5)
    tiny_tds (2.1.5)

PLATFORMS
  ruby

DEPENDENCIES
  connection_pool
  tiny_tds

RUBY VERSION
   ruby 2.4.0p0

BUNDLED WITH
   2.0.2
